NUGET
  remote: https://www.nuget.org/api/v2
    Xamarin.Android.Support.Animated.Vector.Drawable (26.0.2-beta1)
      Xamarin.Android.Support.Vector.Drawable (26.0.2-beta1)
    Xamarin.Android.Support.Annotations (26.0.2-beta1)
    Xamarin.Android.Support.Compat (26.0.2-beta1)
      Xamarin.Android.Support.Annotations (26.0.2-beta1)
    Xamarin.Android.Support.Core.UI (26.0.2-beta1)
      Xamarin.Android.Support.Compat (26.0.2-beta1)
    Xamarin.Android.Support.Core.Utils (26.0.2-beta1)
      Xamarin.Android.Support.Compat (26.0.2-beta1)
    Xamarin.Android.Support.Fragment (26.0.2-beta1)
      Xamarin.Android.Support.Compat (26.0.2-beta1)
      Xamarin.Android.Support.Core.UI (26.0.2-beta1)
      Xamarin.Android.Support.Core.Utils (26.0.2-beta1)
      Xamarin.Android.Support.Media.Compat (26.0.2-beta1)
    Xamarin.Android.Support.Media.Compat (26.0.2-beta1)
      Xamarin.Android.Support.Compat (26.0.2-beta1)
    Xamarin.Android.Support.v7.AppCompat (26.0.2-beta1)
      Xamarin.Android.Support.Animated.Vector.Drawable (26.0.2-beta1)
      Xamarin.Android.Support.Compat (26.0.2-beta1)
      Xamarin.Android.Support.Core.UI (26.0.2-beta1)
      Xamarin.Android.Support.Core.Utils (26.0.2-beta1)
      Xamarin.Android.Support.Fragment (26.0.2-beta1)
      Xamarin.Android.Support.Media.Compat (26.0.2-beta1)
      Xamarin.Android.Support.Vector.Drawable (26.0.2-beta1)
    Xamarin.Android.Support.Vector.Drawable (26.0.2-beta1)
      Xamarin.Android.Support.Compat (26.0.2-beta1)
